PATH
  remote: .
  specs:
    data-buffer (0.0.1)

GEM
  remote: https://rubygems.org/
  specs:
    minitest (5.14.2)
    rake (13.0.1)
    rake-compiler (1.1.1)
      rake

PLATFORMS
  ruby

DEPENDENCIES
  data-buffer!
  minitest (~> 5.0)
  rake (~> 13.0)
  rake-compiler (~> 1.0)

BUNDLED WITH
   2.1.4
